PATH
  remote: .
  specs:
    win32screenshot (1.0.6)
      ffi (~> 1.0)
      mini_magick (~> 3.2.1)
      rautomation (~> 0.6.3)

GEM
  remote: http://rubygems.org/
  specs:
    diff-lcs (1.1.3)
    ffi (1.0.11)
    mini_magick (3.2.1)
      subexec (~> 0.0.4)
    rake (0.8.7)
    rautomation (0.6.3)
    rspec (2.8.0)
      rspec-core (~> 2.8.0)
      rspec-expectations (~> 2.8.0)
      rspec-mocks (~> 2.8.0)
    rspec-core (2.8.0)
    rspec-expectations (2.8.0)
      diff-lcs (~> 1.1.2)
    rspec-mocks (2.8.0)
    subexec (0.0.4)
    yard (0.7.5)

PLATFORMS
  ruby
  x86-mingw32

DEPENDENCIES
  rake (= 0.8.7)
  rspec (~> 2.5)
  win32screenshot!
  yard
