PATH
  remote: .
  specs:
    win32screenshot (5.0.0)
      ffi (~> 1.15.0)
      mini_magick (~> 4.9)
      rautomation (~> 2.0)

GEM
  remote: https://rubygems.org/
  specs:
    diff-lcs (1.5.0)
    ffi (1.15.5)
    ffi (1.15.5-x64-mingw32)
    mini_magick (4.11.0)
    rake (13.0.6)
    rautomation (2.0.1-x64-mingw32)
      ffi (~> 1.15.0)
    rspec (3.10.0)
      rspec-core (~> 3.10.0)
      rspec-expectations (~> 3.10.0)
      rspec-mocks (~> 3.10.0)
    rspec-core (3.10.2)
      rspec-support (~> 3.10.0)
    rspec-expectations (3.10.2)
      diff-lcs (>= 1.2.0, < 2.0)
      rspec-support (~> 3.10.0)
    rspec-mocks (3.10.3)
      diff-lcs (>= 1.2.0, < 2.0)
      rspec-support (~> 3.10.0)
    rspec-support (3.10.3)
    yard (0.9.36)

PLATFORMS
  x64-mingw32
  x86_64-linux

DEPENDENCIES
  rake
  rspec (~> 3.10)
  win32screenshot!
  yard

BUNDLED WITH
   2.3.24
