PATH
  remote: .
  specs:
    win32screenshot (2.1.0)
      ffi (~> 1.11.0)
      mini_magick (>= 4.3, < 4.10)
      rautomation (~> 1.0.0)

GEM
  remote: https://rubygems.org/
  specs:
    diff-lcs (1.2.1)
    ffi (1.11.3)
    ffi (1.11.3-x86-mingw32)
    mini_magick (4.9.5)
    rake (10.1.0)
    rautomation (1.0.0)
      ffi (~> 1.11.0)
    rspec (2.13.0)
      rspec-core (~> 2.13.0)
      rspec-expectations (~> 2.13.0)
      rspec-mocks (~> 2.13.0)
    rspec-core (2.13.0)
    rspec-expectations (2.13.0)
      diff-lcs (>= 1.1.3, < 2.0)
    rspec-mocks (2.13.0)
    yard (0.9.20)

PLATFORMS
  ruby
  x86-mingw32

DEPENDENCIES
  rake
  rspec (~> 2.5)
  win32screenshot!
  yard

BUNDLED WITH
   1.17.2
